GEM
  remote: http://rubygems.org/
  specs:
    activemodel (3.1.0.rc4)
      activesupport (= 3.1.0.rc4)
      bcrypt-ruby (~> 2.1.4)
      builder (~> 3.0.0)
      i18n (~> 0.6)
    activesupport (3.1.0.rc4)
      multi_json (~> 1.0)
    bcrypt-ruby (2.1.4)
    builder (3.0.0)
    git (1.2.5)
    i18n (0.6.0)
    jeweler (1.6.4)
      bundler (~> 1.0)
      git (>= 1.2.5)
      rake
    multi_json (1.0.3)
    rake (0.9.2)
    rcov (0.9.9)

PLATFORMS
  ruby

DEPENDENCIES
  activemodel (= 3.1.0.rc4)
  activesupport (= 3.1.0.rc4)
  bundler (~> 1.0.0)
  jeweler (~> 1.6.4)
  rcov
