PATH
  remote: .
  specs:
    jsonmodel (0.0.1)
      activemodel
      activesupport

GEM
  remote: https://rubygems.org/
  specs:
    activemodel (3.2.15)
      activesupport (= 3.2.15)
      builder (~> 3.0.0)
    activesupport (3.2.15)
      i18n (~> 0.6, >= 0.6.4)
      multi_json (~> 1.0)
    builder (3.0.4)
    i18n (0.6.5)
    multi_json (1.8.2)

PLATFORMS
  ruby

DEPENDENCIES
  jsonmodel!
